GEM
  remote: http://rubygems.org/
  specs:
    airbrussh (1.5.0)
      sshkit (>= 1.6.1, != 1.7.0)
    capistrano (3.18.0)
      airbrussh (>= 1.0.0)
      i18n
      rake (>= 10.0.0)
      sshkit (>= 1.9.0)
    capistrano_colors (0.5.5)
    concurrent-ruby (1.2.2)
    i18n (1.14.1)
      concurrent-ruby (~> 1.0)
    net-scp (4.0.0)
      net-ssh (>= 2.6.5, < 8.0.0)
    net-ssh (7.2.0)
    rake (13.1.0)
    sshkit (1.21.5)
      net-scp (>= 1.1.2)
      net-ssh (>= 2.8.0)

PLATFORMS
  arm64-darwin-21

DEPENDENCIES
  capistrano (~> 3.11)
  capistrano_colors

BUNDLED WITH
   2.3.23
